GEM
  remote: https://rubygems.org/
  specs:
    awesome_print (1.1.0)
    httparty (0.11.0)
      multi_json (~> 1.0)
      multi_xml (>= 0.5.2)
    json (1.8.0)
    multi_json (1.7.9)
    multi_xml (0.5.5)

PLATFORMS
  ruby

DEPENDENCIES
  awesome_print
  httparty
  json
